PATH
  remote: .
  specs:
    rspec-twirp (0.0.1)
      rspec-expectations (>= 3)
      rspec-protobuf (>= 0.3)
      twirp (>= 1)

GEM
  remote: https://rubygems.org/
  specs:
    byebug (11.1.3)
    diff-lcs (1.5.1)
    docile (1.4.1)
    faraday (2.10.1)
      faraday-net_http (>= 2.0, < 3.2)
      logger
    faraday-net_http (3.1.1)
      net-http
    google-protobuf (3.25.4)
    logger (1.6.0)
    net-http (0.4.1)
      uri
    rack (3.1.7)
    rspec (3.13.0)
      rspec-core (~> 3.13.0)
      rspec-expectations (~> 3.13.0)
      rspec-mocks (~> 3.13.0)
    rspec-core (3.13.0)
      rspec-support (~> 3.13.0)
    rspec-expectations (3.13.2)
      diff-lcs (>= 1.2.0, < 2.0)
      rspec-support (~> 3.13.0)
    rspec-mocks (3.13.1)
      diff-lcs (>= 1.2.0, < 2.0)
      rspec-support (~> 3.13.0)
    rspec-protobuf (0.3.1)
      google-protobuf (>= 3)
      rspec-expectations (>= 3)
    rspec-support (3.13.1)
    simplecov (0.22.0)
      docile (~> 1.1)
      simplecov-html (~> 0.11)
      simplecov_json_formatter (~> 0.1)
    simplecov-html (0.12.3)
    simplecov_json_formatter (0.1.4)
    twirp (1.10.0)
      faraday (< 3)
      google-protobuf (~> 3.0, >= 3.7.0)
    uri (0.13.0)

PLATFORMS
  ruby

DEPENDENCIES
  byebug
  rack
  rspec (>= 3)
  rspec-twirp!
  simplecov

BUNDLED WITH
   2.3.9
