PATH
  remote: .
  specs:
    rspec-twirp (0.3.1)
      google-protobuf (>= 3)
      rspec-expectations (>= 3)
      rspec-protobuf (>= 0.2)
      twirp (>= 1)

GEM
  remote: https://rubygems.org/
  specs:
    byebug (11.1.3)
    codecov (0.6.0)
      simplecov (>= 0.15, < 0.22)
    diff-lcs (1.5.0)
    docile (1.4.0)
    faraday (1.10.2)
      faraday-em_http (~> 1.0)
      faraday-em_synchrony (~> 1.0)
      faraday-excon (~> 1.1)
      faraday-httpclient (~> 1.0)
      faraday-multipart (~> 1.0)
      faraday-net_http (~> 1.0)
      faraday-net_http_persistent (~> 1.0)
      faraday-patron (~> 1.0)
      faraday-rack (~> 1.0)
      faraday-retry (~> 1.0)
      ruby2_keywords (>= 0.0.4)
    faraday-em_http (1.0.0)
    faraday-em_synchrony (1.0.0)
    faraday-excon (1.1.0)
    faraday-httpclient (1.0.1)
    faraday-multipart (1.0.4)
      multipart-post (~> 2)
    faraday-net_http (1.0.1)
    faraday-net_http_persistent (1.2.0)
    faraday-patron (1.0.0)
    faraday-rack (1.0.0)
    faraday-retry (1.0.3)
    google-protobuf (3.21.12)
    multipart-post (2.2.3)
    rspec (3.12.0)
      rspec-core (~> 3.12.0)
      rspec-expectations (~> 3.12.0)
      rspec-mocks (~> 3.12.0)
    rspec-core (3.12.0)
      rspec-support (~> 3.12.0)
    rspec-expectations (3.12.2)
      diff-lcs (>= 1.2.0, < 2.0)
      rspec-support (~> 3.12.0)
    rspec-mocks (3.12.1)
      diff-lcs (>= 1.2.0, < 2.0)
      rspec-support (~> 3.12.0)
    rspec-protobuf (0.2.2)
      google-protobuf (>= 3)
      rspec-expectations (>= 3)
    rspec-support (3.12.0)
    ruby2_keywords (0.0.5)
    simplecov (0.21.2)
      docile (~> 1.1)
      simplecov-html (~> 0.11)
      simplecov_json_formatter (~> 0.1)
    simplecov-html (0.12.3)
    simplecov_json_formatter (0.1.4)
    twirp (1.9.0)
      faraday (< 2)
      google-protobuf (~> 3.0, >= 3.7.0)

PLATFORMS
  ruby

DEPENDENCIES
  byebug
  codecov
  rspec (>= 3)
  rspec-twirp!
  simplecov

BUNDLED WITH
   2.3.9
